PATH
  remote: .
  specs:
    nexus_parser (1.2.3)

GEM
  remote: https://rubygems.org/
  specs:
    byebug (11.1.3)
    power_assert (2.0.3)
    psych (5.1.2)
      stringio
    rake (13.2.1)
    rdoc (6.6.3.1)
      psych (>= 4.0.0)
    stringio (3.1.0)
    test-unit (3.6.2)
      power_assert

PLATFORMS
  ruby
  x86_64-darwin-22

DEPENDENCIES
  bundler (~> 2.0)
  byebug (~> 11.1)
  nexus_parser!
  rake (~> 13.0)
  rdoc (~> 6.6.2)
  test-unit

BUNDLED WITH
   2.5.6
